{
	"Modality": "MR",
	"MagneticFieldStrength": 3,
	"ImagingFrequency": 123.174,
	"Manufacturer": "Siemens",
	"ManufacturersModelName": "Verio",
	"InstitutionName": "KAIST",
	"InstitutionalDepartmentName": "Department",
	"InstitutionAddress": "Street StreetNo,/D435F5/ ,/D435F5/ ,KR,ZIP",
	"DeviceSerialNumber": "40758",
	"StationName": "MRC40758",
	"PatientPosition": "HFS",
	"ProcedureStepDescription": "KAIST^2023",
	"SoftwareVersions": "syngo MR B17",
	"MRAcquisitionType": "3D",
	"SeriesDescription": "T1_mpr_sag_p2_iso_new",
	"ProtocolName": "T1_mpr_sag_p2_iso_new",
	"ScanningSequence": "GR\\IR",
	"SequenceVariant": "SP\\MP",
	"ScanOptions": "IR",
	"SequenceName": "*tfl3d1_ns",
	"ImageType": ["ORIGINAL", "PRIMARY", "M", "ND", "NORM"],
	"SeriesNumber": 2,
	"AcquisitionTime": "14:27:41.302500",
	"AcquisitionNumber": 1,
	"SliceThickness": 1,
	"SAR": 0.0591721,
	"EchoTime": 0.00252,
	"RepetitionTime": 1.8,
	"InversionTime": 0.9,
	"FlipAngle": 9,
	"PartialFourier": 1,
	"BaseResolution": 256,
	"ShimSetting": [
		368,
		14273,
		-1087,
		-73,
		97,
		417,
		-181,
		26	],
	"TxRefAmp": 388.012,
	"PhaseResolution": 1,
	"ReceiveCoilName": "32Ch_Head",
	"CoilString": "C:HEA;HEP",
	"PulseSequenceDetails": "%SiemensSeq%\\tfl",
	"RefLinesPE": 24,
	"PercentPhaseFOV": 100,
	"PercentSampling": 100,
	"PhaseEncodingSteps": 255,
	"AcquisitionMatrixPE": 256,
	"ReconMatrixPE": 256,
	"ParallelReductionFactorInPlane": 2,
	"PixelBandwidth": 170,
	"DwellTime": 1.15e-05,
	"ImageOrientationPatientDICOM": [
		0,
		1,
		0,
		0,
		0,
		-1	],
	"InPlanePhaseEncodingDirectionDICOM": "ROW",
	"ConversionSoftware": "dcm2niix",
	"ConversionSoftwareVersion": "v1.0.20210317"
}
