{
	"TaskName":"adaptation",
	"Modality": "MR",
	"MagneticFieldStrength": 3,
	"ImagingFrequency": 123.173,
	"Manufacturer": "Siemens",
	"ManufacturersModelName": "Verio",
	"InstitutionName": "KAIST",
	"InstitutionalDepartmentName": "Department",
	"InstitutionAddress": "Street StreetNo,/D435F5/ ,/D435F5/ ,KR,ZIP",
	"DeviceSerialNumber": "40758",
	"StationName": "MRC40758",
	"PatientPosition": "HFS",
	"ProcedureStepDescription": "KAIST^2023",
	"SoftwareVersions": "syngo MR B17",
	"MRAcquisitionType": "2D",
	"SeriesDescription": "1360_songyj_tr23",
	"ProtocolName": "1360_songyj_tr23",
	"ScanningSequence": "EP",
	"SequenceVariant": "SK",
	"ScanOptions": "FS",
	"SequenceName": "*epfid2d1_64",
	"ImageType": ["ORIGINAL", "PRIMARY", "M", "ND", "NORM", "MOSAIC"],
	"SeriesNumber": 3,
	"AcquisitionTime": "15:27:44.690000",
	"AcquisitionNumber": 1,
	"SliceThickness": 3,
	"SpacingBetweenSlices": 3.6,
	"SAR": 0.126142,
	"EchoTime": 0.03,
	"RepetitionTime": 2.3,
	"FlipAngle": 90,
	"PartialFourier": 1,
	"BaseResolution": 64,
	"ShimSetting": [
		445,
		14206,
		-461,
		762,
		258,
		498,
		-24,
		142	],
	"TxRefAmp": 389.348,
	"PhaseResolution": 1,
	"ReceiveCoilName": "32Ch_Head",
	"CoilString": "C:HEA;HEP",
	"PulseSequenceDetails": "%SiemensSeq%\\ep2d_pace",
	"RefLinesPE": 24,
	"PercentPhaseFOV": 100,
	"PercentSampling": 100,
	"PhaseEncodingSteps": 63,
	"AcquisitionMatrixPE": 64,
	"ReconMatrixPE": 64,
	"BandwidthPerPixelPhaseEncode": 60.096,
	"ParallelReductionFactorInPlane": 2,
	"EffectiveEchoSpacing": 0.000260001,
	"DerivedVendorReportedEchoSpacing": 0.000520001,
	"TotalReadoutTime": 0.01638,
	"PixelBandwidth": 2441,
	"DwellTime": 3.2e-06,
	"PhaseEncodingDirection": "j-",
	"SliceTiming": [
		0,
		1.1725,
		0.055,
		1.2275,
		0.1125,
		1.285,
		0.1675,
		1.34,
		0.2225,
		1.395,
		0.28,
		1.4525,
		0.335,
		1.5075,
		0.39,
		1.5625,
		0.4475,
		1.62,
		0.5025,
		1.675,
		0.5575,
		1.73,
		0.615,
		1.7875,
		0.67,
		1.8425,
		0.725,
		1.8975,
		0.7825,
		1.955,
		0.8375,
		2.01,
		0.8925,
		2.065,
		0.95,
		2.1225,
		1.005,
		2.1775,
		1.06,
		2.2325,
		1.1175	],
	"ImageOrientationPatientDICOM": [
		0.999991,
		-0.000570707,
		-0.0041472,
		-2.76006e-08,
		0.990663,
		-0.136334	],
	"InPlanePhaseEncodingDirectionDICOM": "COL",
	"ConversionSoftware": "dcm2niix",
	"ConversionSoftwareVersion": "v1.0.20210317"
}
